PATH
  remote: .
  specs:
    remunger (0.1.0)
      builder

GEM
  remote: https://rubygems.org/
  specs:
    builder (3.2.2)
    docile (1.1.0)
    lockfile (2.1.0)
    minitest (5.0.8)
    multi_json (1.8.1)
    rake (10.0.2)
    simplecov (0.8.0.pre2)
      docile (~> 1.1.0)
      lockfile (>= 2.1.0)
      multi_json
      simplecov-html (~> 0.7.1)
    simplecov-html (0.7.1)

PLATFORMS
  ruby

DEPENDENCIES
  minitest (~> 5.0.8)
  rake
  remunger!
  simplecov (~> 0.8.0.pre2)
